GEM
  remote: https://rubygems.org/
  specs:
    coderay (1.1.2)
    method_source (0.9.2)
    nio4r (2.5.1)
    pry (0.12.2)
      coderay (~> 1.1.0)
      method_source (~> 0.9.0)
    puma (4.1.0)
      nio4r (~> 2.0)
    rack (2.0.7)
    redis (4.1.2)
    roda (3.23.0)
      rack

PLATFORMS
  ruby

DEPENDENCIES
  pry
  puma
  redis
  roda

BUNDLED WITH
   2.0.2
