GEM
  remote: https://rubygems.org/
  specs:
    bigcommerce (1.0.1)
      faraday (~> 0.11)
      faraday_middleware (~> 0.11)
      hashie (~> 3.4)
      jwt (~> 1.5.4)
    coderay (1.1.3)
    dotenv (2.7.6)
    faraday (0.17.3)
      multipart-post (>= 1.2, < 3)
    faraday_middleware (0.14.0)
      faraday (>= 0.7.4, < 1.0)
    hashie (3.6.0)
    jwt (1.5.6)
    method_source (1.0.0)
    multipart-post (2.1.1)
    nio4r (2.5.4)
    pry (0.13.1)
      coderay (~> 1.1)
      method_source (~> 1.0)
    puma (5.1.0)
      nio4r (~> 2.0)
    rack (2.2.3)
    rake (13.0.1)
    redis (4.2.5)
    roda (3.38.0)
      rack

PLATFORMS
  ruby

DEPENDENCIES
  bigcommerce (~> 1.0)
  dotenv
  pry
  puma
  rake
  redis
  roda

BUNDLED WITH
   2.1.4
