GEM
  remote: https://rubygems.org/
  specs:
    nio4r (2.5.1)
    puma (4.1.0)
      nio4r (~> 2.0)
    rack (2.0.7)
    redis (4.1.2)
    roda (3.23.0)
      rack

PLATFORMS
  ruby

DEPENDENCIES
  puma
  redis
  roda

BUNDLED WITH
   2.0.1
