GEM
  remote: https://rubygems.org/
  specs:
    ast (2.4.1)
    backport (1.1.2)
    benchmark (0.1.0)
    bigcommerce (1.0.1)
      faraday (~> 0.11)
      faraday_middleware (~> 0.11)
      hashie (~> 3.4)
      jwt (~> 1.5.4)
    coderay (1.1.2)
    dotenv (2.7.5)
    e2mmap (0.1.0)
    faraday (0.17.0)
      multipart-post (>= 1.2, < 3)
    faraday_middleware (0.13.1)
      faraday (>= 0.7.4, < 1.0)
    hashie (3.6.0)
    jaro_winkler (1.5.4)
    jwt (1.5.6)
    maruku (0.7.3)
    method_source (0.9.2)
    mini_portile2 (2.4.0)
    multipart-post (2.1.1)
    nio4r (2.5.4)
    nokogiri (1.10.10)
      mini_portile2 (~> 2.4.0)
    parallel (1.20.0)
    parser (2.7.2.0)
      ast (~> 2.4.1)
    pry (0.12.2)
      coderay (~> 1.1.0)
      method_source (~> 0.9.0)
    puma (5.0.0)
      nio4r (~> 2.0)
    rack (2.2.3)
    rainbow (3.0.0)
    rake (13.0.0)
    redis (4.1.3)
    regexp_parser (1.8.2)
    reverse_markdown (2.0.0)
      nokogiri
    rexml (3.2.4)
    roda (3.25.0)
      rack
    rubocop (0.93.1)
      parallel (~> 1.10)
      parser (>= 2.7.1.5)
      rainbow (>= 2.2.2, < 4.0)
      regexp_parser (>= 1.8)
      rexml
      rubocop-ast (>= 0.6.0)
      ruby-progressbar (~> 1.7)
      unicode-display_width (>= 1.4.0, < 2.0)
    rubocop-ast (1.1.1)
      parser (>= 2.7.1.5)
    ruby-progressbar (1.10.1)
    solargraph (0.39.17)
      backport (~> 1.1)
      benchmark
      bundler (>= 1.17.2)
      e2mmap
      jaro_winkler (~> 1.5)
      maruku (~> 0.7, >= 0.7.3)
      nokogiri (~> 1.9, >= 1.9.1)
      parser (~> 2.3)
      reverse_markdown (>= 1.0.5, < 3)
      rubocop (~> 0.52)
      thor (~> 1.0)
      tilt (~> 2.0)
      yard (~> 0.9, >= 0.9.24)
    thor (1.0.1)
    tilt (2.0.10)
    unicode-display_width (1.7.0)
    yard (0.9.25)

PLATFORMS
  ruby

DEPENDENCIES
  bigcommerce (~> 1.0)
  dotenv
  pry
  puma
  rake
  redis
  roda
  solargraph

BUNDLED WITH
   2.1.4
