GEM
  remote: https://rubygems.org/
  specs:
    bigcommerce (1.0.1)
      faraday (~> 0.11)
      faraday_middleware (~> 0.11)
      hashie (~> 3.4)
      jwt (~> 1.5.4)
    coderay (1.1.2)
    dotenv (2.7.5)
    faraday (0.17.0)
      multipart-post (>= 1.2, < 3)
    faraday_middleware (0.13.1)
      faraday (>= 0.7.4, < 1.0)
    hashie (3.6.0)
    jwt (1.5.6)
    method_source (0.9.2)
    multipart-post (2.1.1)
    nio4r (2.5.2)
    pry (0.12.2)
      coderay (~> 1.1.0)
      method_source (~> 0.9.0)
    puma (4.2.1)
      nio4r (~> 2.0)
    rack (2.0.8)
    rake (13.0.0)
    redis (4.1.3)
    roda (3.25.0)
      rack

PLATFORMS
  ruby

DEPENDENCIES
  bigcommerce (~> 1.0)
  dotenv
  pry
  puma
  rake
  redis
  roda

BUNDLED WITH
   2.0.2
